GEM
  remote: https://rubygems.org/
  specs:
    virtus

PLATFORMS
  x86_64-linux

DEPENDENCIES  
  telegram-bot-ruby

BUNDLED WITH
   2.2.15
